GEM
  remote: https://rubygems.org/
  specs:
    airbrussh (1.4.0)
      sshkit (>= 1.6.1, != 1.7.0)
    backports (3.15.0)
    bcrypt (3.1.13)
    byebug (11.0.1)
    capistrano (3.11.2)
      airbrussh (>= 1.0.0)
      i18n
      rake (>= 10.0.0)
      sshkit (>= 1.9.0)
    capistrano-bower (1.1.0)
      capistrano (~> 3.0)
    capistrano-bundler (1.6.0)
      capistrano (~> 3.1)
    capistrano-rvm (0.1.2)
      capistrano (~> 3.0)
      sshkit (~> 1.2)
    coderay (1.1.2)
    concurrent-ruby (1.1.5)
    diff-lcs (1.3)
    docile (1.3.2)
    emk-sinatra-url-for (0.2.1)
      sinatra (>= 0.9.1.1)
    exifr (1.3.6)
    haml (5.1.2)
      temple (>= 0.8.0)
      tilt
    i18n (1.7.0)
      concurrent-ruby (~> 1.0)
    irb (1.1.0)
      reline (>= 0.0.1)
    json (2.2.0)
    jwt (2.2.1)
    mediainfo (1.3.3)
    method_source (0.9.2)
    multi_json (1.14.1)
    mustermann (1.0.3)
    net-scp (2.0.0)
      net-ssh (>= 2.6.5, < 6.0.0)
    net-ssh (5.2.0)
    pg (1.1.4)
    power_assert (1.1.5)
    pry (0.12.2)
      coderay (~> 1.1.0)
      method_source (~> 0.9.0)
    rack (2.0.8)
    rack-protection (2.0.7)
      rack
    rake (13.0.1)
    reline (0.0.7)
    rmagick (4.0.0)
    rspec (3.9.0)
      rspec-core (~> 3.9.0)
      rspec-expectations (~> 3.9.0)
      rspec-mocks (~> 3.9.0)
    rspec-core (3.9.0)
      rspec-support (~> 3.9.0)
    rspec-expectations (3.9.0)
      diff-lcs (>= 1.2.0, < 2.0)
      rspec-support (~> 3.9.0)
    rspec-mocks (3.9.0)
      diff-lcs (>= 1.2.0, < 2.0)
      rspec-support (~> 3.9.0)
    rspec-support (3.9.0)
    sequel (5.26.0)
    shotgun (0.9.2)
      rack (>= 1.0)
    simplecov (0.17.1)
      docile (~> 1.1)
      json (>= 1.8, < 3)
      simplecov-html (~> 0.10.0)
    simplecov-badge (2.0.2)
    simplecov-html (0.10.2)
    sinatra (2.0.7)
      mustermann (~> 1.0)
      rack (~> 2.0)
      rack-protection (= 2.0.7)
      tilt (~> 2.0)
    sinatra-contrib (2.0.7)
      backports (>= 2.8.2)
      multi_json
      mustermann (~> 1.0)
      rack-protection (= 2.0.7)
      sinatra (= 2.0.7)
      tilt (~> 2.0)
    sinatra-respond_to (0.4.0)
      sinatra (>= 0.9.4)
    sshkit (1.20.0)
      net-scp (>= 1.1.2)
      net-ssh (>= 2.8.0)
    temple (0.8.2)
    test-unit (3.3.4)
      power_assert
    tilt (2.0.10)

PLATFORMS
  ruby

DEPENDENCIES
  bcrypt
  byebug
  capistrano
  capistrano-bower
  capistrano-bundler
  capistrano-rvm
  emk-sinatra-url-for
  exifr
  haml
  irb
  jwt
  mediainfo
  pg
  pry
  rake
  rmagick
  rspec
  sequel
  shotgun
  simplecov
  simplecov-badge
  sinatra
  sinatra-contrib
  sinatra-respond_to
  test-unit

RUBY VERSION
   ruby 2.6.5p114

BUNDLED WITH
   1.17.3
